GEM
  remote: http://rubygems.org/
  specs:
    ast (2.3.0)
    childprocess (0.7.0)
      ffi (~> 1.0, >= 1.0.11)
    diff-lcs (1.3)
    eventmachine (1.2.3)
    faye-websocket (0.10.7)
      eventmachine (>= 0.12.0)
      websocket-driver (>= 0.5.1)
    ffi (1.9.18)
    membrane (1.1.0)
    mustermann (1.0.0)
    mysql2 (0.3.20)
    nats (0.8.2)
      eventmachine (~> 1.2, >= 1.2)
    net-sftp (2.1.2)
      net-ssh (>= 2.6.5)
    net-ssh (4.1.0)
    parallel (1.11.2)
    parse-cron (0.1.4)
    parser (2.4.0.0)
      ast (~> 2.2)
    pg (0.20.0)
    powerpack (0.1.1)
    rack (2.0.3)
    rack-protection (2.0.0)
      rack
    rack-ssl (1.4.1)
      rack
    rainbow (2.2.2)
      rake
    rake (12.0.0)
    rspec (3.6.0)
      rspec-core (~> 3.6.0)
      rspec-expectations (~> 3.6.0)
      rspec-mocks (~> 3.6.0)
    rspec-core (3.6.0)
      rspec-support (~> 3.6.0)
    rspec-expectations (3.6.0)
      diff-lcs (>= 1.2.0, < 2.0)
      rspec-support (~> 3.6.0)
    rspec-mocks (3.6.0)
      diff-lcs (>= 1.2.0, < 2.0)
      rspec-support (~> 3.6.0)
    rspec-support (3.6.0)
    rubocop (0.49.1)
      parallel (~> 1.10)
      parser (>= 2.3.3.1, < 3.0)
      powerpack (~> 0.1)
      rainbow (>= 1.99.1, < 3.0)
      ruby-progressbar (~> 1.7)
      unicode-display_width (~> 1.0, >= 1.0.1)
    ruby-progressbar (1.8.1)
    ruby_protobuf (0.4.11)
    rubyzip (1.2.1)
    selenium-webdriver (3.4.3)
      childprocess (~> 0.5)
      rubyzip (~> 1.0)
    sequel (4.47.0)
    sequel_pg (1.6.18)
      pg (>= 0.8.0)
      sequel (>= 4.0.0)
    sinatra (2.0.0)
      mustermann (~> 1.0)
      rack (~> 2.0)
      rack-protection (= 2.0.0)
      tilt (~> 2.0)
    sqlite3 (1.3.13)
    tilt (2.0.7)
    unicode-display_width (1.2.1)
    websocket-driver (0.6.5)
      websocket-extensions (>= 0.1.0)
    websocket-extensions (0.1.2)
    yajl-ruby (1.3.0)

PLATFORMS
  ruby

DEPENDENCIES
  faye-websocket (= 0.10.7)
  membrane (= 1.1.0)
  mysql2 (= 0.3.20)
  nats (= 0.8.2)
  net-sftp (= 2.1.2)
  parse-cron (= 0.1.4)
  rack-ssl (= 1.4.1)
  rspec (= 3.6.0)
  rubocop (= 0.49.1)
  ruby_protobuf (= 0.4.11)
  selenium-webdriver (= 3.4.3)
  sequel (= 4.47.0)
  sequel_pg (= 1.6.18)
  sinatra (= 2.0.0)
  sqlite3 (= 1.3.13)
  yajl-ruby (= 1.3.0)

RUBY VERSION
   ruby 2.3.3p222

BUNDLED WITH
   1.15.1
